GIT
  remote: git://github.com/mongodb/mongo-ruby-driver.git
  revision: 5974c12a8b051f89727c6c18b6e47ee11879886d
  specs:
    mongo (1.8.1)
      bson (~> 1.8.1)

GEM
  remote: http://rubygems.org/
  specs:
    bson (1.8.2)
    bson_ext (1.8.2)
      bson (~> 1.8.2)
    haml (3.1.7)
    mongodb (2.1.0)
      mongo (~> 1.5)
    rack (1.1.0)
    sinatra (1.2.6)
      rack (~> 1.1)
      tilt (>= 1.2.2, < 2.0)
    tilt (1.3.3)

PLATFORMS
  ruby

DEPENDENCIES
  bson_ext
  haml
  mongo!
  mongodb
  rack (= 1.1)
  sinatra
