GIT
  remote: git://github.com/mongodb/mongo-ruby-driver.git
  revision: 5974c12a8b051f89727c6c18b6e47ee11879886d
  specs:
    mongo (1.8.1)
      bson (~> 1.8.1)

GEM
  remote: http://rubygems.org/
  specs:
    activemodel (3.2.12)
      activesupport (= 3.2.12)
      builder (~> 3.0.0)
    activesupport (3.2.12)
      i18n (~> 0.6)
      multi_json (~> 1.0)
    bson (1.8.2)
    bson_ext (1.8.2)
      bson (~> 1.8.2)
    builder (3.0.4)
    haml (3.1.7)
    i18n (0.6.1)
    mongo_mapper (0.12.0)
      activemodel (~> 3.0)
      activesupport (~> 3.0)
      plucky (~> 0.5.2)
    mongodb (2.1.0)
      mongo (~> 1.5)
    multi_json (1.6.1)
    plucky (0.5.2)
      mongo (~> 1.5)
    rack (1.1.0)
    sinatra (1.2.6)
      rack (~> 1.1)
      tilt (>= 1.2.2, < 2.0)
    tilt (1.3.3)

PLATFORMS
  ruby

DEPENDENCIES
  bson_ext
  haml
  mongo!
  mongo_mapper
  mongodb
  rack (= 1.1)
  sinatra
